GEM
  remote: https://rubygems.org/
  specs:
    coderay (1.1.0)
    colorize (0.7.7)
    curses (1.0.1)
    dispel (0.0.7)
      curses
    method_source (0.8.2)
    ncurses-ruby (1.2.4)
    pry (0.10.1)
      coderay (~> 1.1.0)
      method_source (~> 0.8.1)
      slop (~> 3.4)
    slop (3.6.0)

PLATFORMS
  ruby

DEPENDENCIES
  colorize
  dispel
  ncurses-ruby
  pry

BUNDLED WITH
   1.10.6
